{
	"Modality": "MR",
	"MagneticFieldStrength": 3,
	"ImagingFrequency": 123.226,
	"Manufacturer": "Siemens",
	"ManufacturersModelName": "Biograph_mMR",
	"InstitutionName": "UPMC_Presbyterian_University_Hospital",
	"InstitutionalDepartmentName": "MR_Research_Center",
	"InstitutionAddress": "Lothrop_Street_200_Pittsburgh_Pennsylvania_Pittsburgh_-_Columbus_US_15213",
	"DeviceSerialNumber": "51021",
	"StationName": "MRC51021",
	"PatientPosition": "HFS",
	"ProcedureStepDescription": "BRAIN_wpc-6770",
	"SoftwareVersions": "syngo_MR_B20P",
	"MRAcquisitionType": "2D",
	"SeriesDescription": "gre",
	"ProtocolName": "gre",
	"ScanningSequence": "GR",
	"SequenceVariant": "SP",
	"SequenceName": "_fl2d5",
	"ImageType": ["ORIGINAL", "PRIMARY", "M", "ND"],
	"SeriesNumber": 11,
	"AcquisitionTime": "12:49:2.890000",
	"AcquisitionNumber": 1,
	"SliceThickness": 3,
	"SpacingBetweenSlices": 3,
	"SAR": 0.0105533,
	"EchoTime": 0.00363,
	"RepetitionTime": 1.09,
	"FlipAngle": 25,
	"PartialFourier": 1,
	"BaseResolution": 128,
	"ShimSetting": [
		-5755,
		-7414,
		1801,
		449,
		-401,
		-285,
		-768,
		465	],
	"TxRefAmp": 305.253,
	"PhaseResolution": 1,
	"ReceiveCoilName": "HeadNeck_MRPET",
	"CoilString": "T:HEA;HEP;NEA;NEP",
	"PulseSequenceDetails": "%SiemensSeq%_gre",
	"RefLinesPE": 42,
	"PercentPhaseFOV": 100,
	"PhaseEncodingSteps": 128,
	"AcquisitionMatrixPE": 128,
	"ReconMatrixPE": 128,
	"ParallelReductionFactorInPlane": 2,
	"PixelBandwidth": 260,
	"DwellTime": 1.5e-05,
	"PhaseEncodingDirection": "j-",
	"ImageOrientationPatientDICOM": [
		0.997373,
		-0.0161975,
		-0.0706085,
		-4.88407e-08,
		0.974683,
		-0.223592	],
	"InPlanePhaseEncodingDirectionDICOM": "COL",
	"ConversionSoftware": "dcm2niix",
	"ConversionSoftwareVersion": "v1.0.20190410  (JP2:OpenJPEG) GCC8.3.0"
}
