{
	"Modality": "MR",
	"MagneticFieldStrength": 3,
	"ImagingFrequency": 123.226,
	"Manufacturer": "Siemens",
	"ManufacturersModelName": "Biograph_mMR",
	"InstitutionName": "UPMC_Presbyterian_University_Hospital",
	"InstitutionalDepartmentName": "MR_Research_Center",
	"InstitutionAddress": "Lothrop_Street_200_Pittsburgh_Pennsylvania_Pittsburgh_-_Columbus_US_15213",
	"DeviceSerialNumber": "51021",
	"StationName": "MRC51021",
	"PatientPosition": "HFS",
	"ProcedureStepDescription": "BRAIN_wpc-6770",
	"SoftwareVersions": "syngo_MR_B20P",
	"MRAcquisitionType": "2D",
	"SeriesDescription": "gre",
	"ProtocolName": "gre",
	"ScanningSequence": "GR",
	"SequenceVariant": "SP",
	"SequenceName": "_fl2d5",
	"ImageType": ["ORIGINAL", "PRIMARY", "P", "ND"],
	"SeriesNumber": 12,
	"AcquisitionTime": "11:38:54.422500",
	"AcquisitionNumber": 1,
	"SliceThickness": 3,
	"SpacingBetweenSlices": 3,
	"SAR": 0.0088461,
	"EchoTime": 0.00363,
	"RepetitionTime": 1.09,
	"FlipAngle": 25,
	"PartialFourier": 1,
	"BaseResolution": 128,
	"ShimSetting": [
		-5750,
		-7371,
		1667,
		383,
		-622,
		78,
		-1126,
		350	],
	"TxRefAmp": 324.972,
	"PhaseResolution": 1,
	"ReceiveCoilName": "HeadNeck_MRPET",
	"CoilString": "T:HEA;HEP;NEA;NEP",
	"PulseSequenceDetails": "%SiemensSeq%_gre",
	"RefLinesPE": 42,
	"PercentPhaseFOV": 100,
	"PhaseEncodingSteps": 128,
	"AcquisitionMatrixPE": 128,
	"ReconMatrixPE": 128,
	"ParallelReductionFactorInPlane": 2,
	"PixelBandwidth": 260,
	"DwellTime": 1.5e-05,
	"PhaseEncodingDirection": "j-",
	"ImageOrientationPatientDICOM": [
		0.995642,
		-0.0265794,
		-0.0893875,
		6.29006e-09,
		0.958523,
		-0.285017	],
	"InPlanePhaseEncodingDirectionDICOM": "COL",
	"ConversionSoftware": "dcm2niix",
	"ConversionSoftwareVersion": "v1.0.20190410  (JP2:OpenJPEG) GCC8.3.0"
}
