{
	"Modality": "MR",
	"MagneticFieldStrength": 3,
	"ImagingFrequency": 123.226,
	"Manufacturer": "Siemens",
	"ManufacturersModelName": "Biograph_mMR",
	"InstitutionName": "UPMC_Presbyterian_University_Hospital",
	"InstitutionalDepartmentName": "MR_Research_Center",
	"InstitutionAddress": "Lothrop_Street_200_Pittsburgh_Pennsylvania_Pittsburgh_-_Columbus_US_15213",
	"DeviceSerialNumber": "51021",
	"StationName": "MRC51021",
	"PatientPosition": "HFS",
	"ProcedureStepDescription": "BRAIN_lun-neuro",
	"SoftwareVersions": "syngo_MR_B20P",
	"MRAcquisitionType": "3D",
	"SeriesDescription": "Sagittal_MPRAGE_ADNI_G2",
	"ProtocolName": "Sagittal_MPRAGE_ADNI_G2",
	"ScanningSequence": "GR_IR",
	"SequenceVariant": "SP_MP",
	"ScanOptions": "IR",
	"SequenceName": "_tfl3d1_ns",
	"ImageType": ["ORIGINAL", "PRIMARY", "M", "ND", "NORM"],
	"SeriesNumber": 10,
	"AcquisitionTime": "16:12:34.845000",
	"AcquisitionNumber": 1,
	"SliceThickness": 1,
	"SAR": 0.0675208,
	"EchoTime": 0.00298,
	"RepetitionTime": 2.3,
	"InversionTime": 0.9,
	"FlipAngle": 9,
	"PartialFourier": 1,
	"BaseResolution": 256,
	"ShimSetting": [
		-5768,
		-7464,
		1578,
		-169,
		-153,
		-800,
		-454,
		297	],
	"TxRefAmp": 316.737,
	"PhaseResolution": 1,
	"ReceiveCoilName": "HeadNeck_MRPET",
	"CoilString": "t:HEA;HEP;NEA;NEP",
	"PulseSequenceDetails": "%SiemensSeq%_tfl",
	"RefLinesPE": 24,
	"PercentPhaseFOV": 93.75,
	"PhaseEncodingSteps": 239,
	"AcquisitionMatrixPE": 240,
	"ReconMatrixPE": 240,
	"PixelBandwidth": 238,
	"DwellTime": 8.2e-06,
	"ImageOrientationPatientDICOM": [
		-0.0959849,
		0.995383,
		-2.66212e-08,
		-0.0535813,
		-0.00516688,
		-0.99855	],
	"InPlanePhaseEncodingDirectionDICOM": "ROW",
	"ConversionSoftware": "dcm2niix",
	"ConversionSoftwareVersion": "v1.0.20190410  (JP2:OpenJPEG) GCC8.3.0"
}
