{
	"Modality": "MR",
	"MagneticFieldStrength": 3,
	"ImagingFrequency": 123.226,
	"Manufacturer": "Siemens",
	"ManufacturersModelName": "Biograph_mMR",
	"InstitutionName": "MRRC",
	"InstitutionalDepartmentName": "MR_Research_Center",
	"InstitutionAddress": "Lothrop_Street_200_Pittsburgh_Pennsylvania_Pittsburgh_-_Columbus_US_15213",
	"DeviceSerialNumber": "51021",
	"StationName": "MRC51021",
	"BodyPartExamined": "BRAIN",
	"PatientPosition": "HFS",
	"ProcedureStepDescription": "BRAIN_wpc-6770",
	"SoftwareVersions": "syngo_MR_E11",
	"MRAcquisitionType": "2D",
	"SeriesDescription": "gre",
	"ProtocolName": "gre",
	"ScanningSequence": "GR",
	"SequenceVariant": "SP",
	"SequenceName": "_fl2d5",
	"ImageType": ["ORIGINAL", "PRIMARY", "P", "ND"],
	"SeriesNumber": 29,
	"AcquisitionTime": "17:05:29.620000",
	"AcquisitionNumber": 1,
	"SliceThickness": 3,
	"SpacingBetweenSlices": 3,
	"SAR": 0.010538,
	"EchoTime": 0.00363,
	"RepetitionTime": 1.09,
	"FlipAngle": 25,
	"PartialFourier": 1,
	"BaseResolution": 128,
	"ShimSetting": [
		-5711,
		-7283,
		1543,
		201,
		-180,
		398,
		-686,
		441	],
	"TxRefAmp": 297.541,
	"PhaseResolution": 1,
	"ReceiveCoilName": "HeadNeck_MRPET",
	"ReceiveCoilActiveElements": "HEA;HEP",
	"PulseSequenceDetails": "%SiemensSeq%_gre",
	"RefLinesPE": 42,
	"ConsistencyInfo": "N4_VE11P_LATEST_20161021",
	"PercentPhaseFOV": 100,
	"EchoTrainLength": 5,
	"PhaseEncodingSteps": 128,
	"AcquisitionMatrixPE": 128,
	"ReconMatrixPE": 128,
	"ParallelReductionFactorInPlane": 2,
	"PixelBandwidth": 260,
	"DwellTime": 1.5e-05,
	"PhaseEncodingDirection": "j-",
	"SliceTiming": [
		0.54688,
		0,
		0.5625,
		0.03125,
		0.59375,
		0.04688,
		0.625,
		0.07812,
		0.65625,
		0.10938,
		0.67188,
		0.14062,
		0.70312,
		0.15625,
		0.73438,
		0.1875,
		0.76562,
		0.21875,
		0.78125,
		0.23438,
		0.8125,
		0.26562,
		0.84375,
		0.29688,
		0.875,
		0.32812,
		0.89062,
		0.35938,
		0.92188,
		0.375,
		0.95312,
		0.40625,
		0.98438,
		0.4375,
		1,
		0.45312,
		1.03125,
		0.48438,
		1.0625,
		0.51562	],
	"ImageOrientationPatientDICOM": [
		1,
		0,
		0,
		0,
		0.973179,
		-0.23005	],
	"InPlanePhaseEncodingDirectionDICOM": "COL",
	"ConversionSoftware": "dcm2niix",
	"ConversionSoftwareVersion": "v1.0.20190902"
}
