{
	"Modality": "MR",
	"MagneticFieldStrength": 3,
	"ImagingFrequency": 123.226,
	"Manufacturer": "Siemens",
	"ManufacturersModelName": "Biograph_mMR",
	"InstitutionName": "UPMC_Presbyterian_University_Hospital",
	"InstitutionalDepartmentName": "MR_Research_Center",
	"InstitutionAddress": "Lothrop_Street_200_Pittsburgh_Pennsylvania_Pittsburgh_-_Columbus_US_15213",
	"DeviceSerialNumber": "51021",
	"StationName": "MRC51021",
	"PatientPosition": "HFS",
	"ProcedureStepDescription": "BRAIN_wpc-6770",
	"SoftwareVersions": "syngo_MR_B20P",
	"MRAcquisitionType": "2D",
	"SeriesDescription": "gre",
	"ProtocolName": "gre",
	"ScanningSequence": "GR",
	"SequenceVariant": "SP",
	"SequenceName": "_fl2d5",
	"ImageType": ["ORIGINAL", "PRIMARY", "M", "ND"],
	"SeriesNumber": 28,
	"AcquisitionTime": "10:23:25.407500",
	"AcquisitionNumber": 1,
	"SliceThickness": 3,
	"SpacingBetweenSlices": 3,
	"SAR": 0.00996457,
	"EchoTime": 0.00363,
	"RepetitionTime": 1.09,
	"FlipAngle": 25,
	"PartialFourier": 1,
	"BaseResolution": 128,
	"ShimSetting": [
		-5775,
		-7358,
		1712,
		270,
		-111,
		-109,
		-480,
		152	],
	"TxRefAmp": 309.851,
	"PhaseResolution": 1,
	"ReceiveCoilName": "HeadNeck_MRPET",
	"CoilString": "T:HEA;HEP;NEA;NEP",
	"PulseSequenceDetails": "%SiemensSeq%_gre",
	"RefLinesPE": 42,
	"PercentPhaseFOV": 100,
	"PhaseEncodingSteps": 128,
	"AcquisitionMatrixPE": 128,
	"ReconMatrixPE": 128,
	"ParallelReductionFactorInPlane": 2,
	"PixelBandwidth": 260,
	"DwellTime": 1.5e-05,
	"PhaseEncodingDirection": "j-",
	"SliceTiming": [
		0.54688,
		0,
		0.57812,
		0.03125,
		0.60156,
		0.05469,
		0.625,
		0.08594,
		0.65625,
		0.10938,
		0.67969,
		0.13281,
		0.71094,
		0.16406,
		0.73438,
		0.1875,
		0.76562,
		0.21875,
		0.79688,
		0.24219,
		0.82031,
		0.27344,
		0.85156,
		0.29688,
		0.875,
		0.32812,
		0.90625,
		0.35938,
		0.92969,
		0.38281,
		0.96094,
		0.41406,
		0.98438,
		0.4375,
		1.01562,
		0.46875,
		1.03906,
		0.49219,
		1.07031,
		0.52344	],
	"ImageOrientationPatientDICOM": [
		1,
		0,
		0,
		0,
		0.959805,
		-0.280667	],
	"InPlanePhaseEncodingDirectionDICOM": "COL",
	"ConversionSoftware": "dcm2niix",
	"ConversionSoftwareVersion": "v1.0.20190902"
}
